GEM
  remote: http://rubygems.org/
  specs:
    json (1.6.4)
    spatula (0.0.12)
      json (>= 1.2.4)
      thor (>= 0.13.4)
    thor (0.14.6)

PLATFORMS
  ruby

DEPENDENCIES
  spatula
